GEM
  remote: https://rubygems.org/
  specs:
    amazing_print (1.4.0)

PLATFORMS
  x86_64-darwin-20

DEPENDENCIES
  amazing_print

BUNDLED WITH
   2.2.30
